PATH
  remote: .
  specs:
    non_empty_array (1.1.0)
      sorbet-runtime (>= 0.5.5890)

GEM
  remote: https://rubygems.org/
  specs:
    diff-lcs (1.4.4)
    rake (12.3.3)
    rspec (3.9.0)
      rspec-core (~> 3.9.0)
      rspec-expectations (~> 3.9.0)
      rspec-mocks (~> 3.9.0)
    rspec-core (3.9.2)
      rspec-support (~> 3.9.3)
    rspec-expectations (3.9.2)
      diff-lcs (>= 1.2.0, < 2.0)
      rspec-support (~> 3.9.0)
    rspec-mocks (3.9.1)
      diff-lcs (>= 1.2.0, < 2.0)
      rspec-support (~> 3.9.0)
    rspec-support (3.9.3)
    sorbet (0.5.5890)
      sorbet-static (= 0.5.5890)
    sorbet-runtime (0.5.5890)
    sorbet-static (0.5.5890-universal-darwin-14)

PLATFORMS
  ruby

DEPENDENCIES
  non_empty_array!
  rake (~> 12.0)
  rspec (~> 3.0)
  sorbet (>= 0.5.5890)

BUNDLED WITH
   2.1.4
